GEM
  remote: https://rubygems.org/
  specs:
    kramdown (2.4.0)
      rexml
    rexml (3.2.5)

PLATFORMS
  arm64-darwin-22

DEPENDENCIES
  kramdown

BUNDLED WITH
   2.4.1
